GEM
  remote: http://rubygems.org/
  specs:
    activemodel (3.1.3)
      activesupport (= 3.1.3)
      builder (~> 3.0.0)
      i18n (~> 0.6)
    activerecord (3.1.3)
      activemodel (= 3.1.3)
      activesupport (= 3.1.3)
      arel (~> 2.2.1)
      tzinfo (~> 0.3.29)
    activesupport (3.1.3)
      multi_json (~> 1.0)
    arel (2.2.1)
    backports (2.3.0)
    builder (3.0.0)
    daemons (1.1.5)
    diff-lcs (1.1.3)
    eventmachine (0.12.10)
    i18n (0.6.0)
    maruku (0.6.0)
      syntax (>= 1.0.0)
    multi_json (1.0.4)
    pg (0.12.0)
      rake-compiler (~> 0.7)
    rack (1.4.0)
    rack-protection (1.1.4)
      rack
    rack-test (0.6.1)
      rack (>= 1.0)
    rake (0.9.2.2)
    rake-compiler (0.7.9)
      rake
    randumb (0.1.4)
    rspec (2.7.0)
      rspec-core (~> 2.7.0)
      rspec-expectations (~> 2.7.0)
      rspec-mocks (~> 2.7.0)
    rspec-core (2.7.1)
    rspec-expectations (2.7.0)
      diff-lcs (~> 1.1.2)
    rspec-mocks (2.7.0)
    sinatra (1.3.1)
      rack (~> 1.3, >= 1.3.4)
      rack-protection (~> 1.1, >= 1.1.2)
      tilt (~> 1.3, >= 1.3.3)
    sinatra-contrib (1.3.1)
      backports (>= 2.0)
      eventmachine
      rack-protection
      rack-test
      sinatra (~> 1.3.0)
      tilt (~> 1.3)
    sinatra-namespace (1.0)
      sinatra-contrib
    sinatra-session (1.0.0)
      sinatra (>= 1.0)
    slim (1.0.4)
      temple (~> 0.3.4)
      tilt (~> 1.3.2)
    sqlite3 (1.3.5)
    syntax (1.0.0)
    temple (0.3.4)
    thin (1.3.1)
      daemons (>= 1.0.9)
      eventmachine (>= 0.12.6)
      rack (>= 1.0.0)
    tilt (1.3.3)
    tzinfo (0.3.31)

PLATFORMS
  ruby

DEPENDENCIES
  activerecord
  maruku
  pg
  rake
  randumb
  rspec
  sinatra
  sinatra-namespace
  sinatra-session
  slim
  sqlite3
  thin
